GEM
  remote: https://rubygems.org/
  specs:
    date (3.3.3)

PLATFORMS
  x86_64-linux

DEPENDENCIES
  date

BUNDLED WITH
   2.4.12
